GEM
  remote: http://rubygems.org/
  specs:
    daemons (1.1.0)
    git (1.2.5)
    jeweler (1.5.1)
      bundler (~> 1.0.0)
      git (>= 1.2.5)
      rake
    jnunemaker-matchy (0.4.0)
    rake (0.8.7)
    rr (1.0.2)
    shoulda (2.11.3)

PLATFORMS
  ruby

DEPENDENCIES
  bundler (~> 1.0.0)
  daemons (~> 1.1.0)
  jeweler (~> 1.5.1)
  jnunemaker-matchy (~> 0.4)
  rr (~> 1.0.2)
  shoulda
