GEM
  remote: http://rubygems.org/
  specs:
    git (1.2.5)
    jeweler (1.5.1)
      bundler (~> 1.0.0)
      git (>= 1.2.5)
      rake
    jnunemaker-matchy (0.4.0)
    rake (0.8.7)
    rcov (0.9.7.1)
    rr (1.0.2)
    shoulda (2.11.3)
    yajl-ruby (0.7.8)

PLATFORMS
  ruby

DEPENDENCIES
  bundler (~> 1.0.0)
  jeweler (~> 1.5.1)
  jnunemaker-matchy (~> 0.4)
  rcov
  rr (~> 1.0.2)
  shoulda
  yajl-ruby (~> 0.7)
